PATH
  remote: .
  specs:
    mule (1.0.0)
      eezee

GEM
  remote: https://rubygems.org/
  specs:
    addressable (2.7.0)
      public_suffix (>= 2.0.2, < 5.0)
    ansi (1.5.0)
    ast (2.4.0)
    awesome_print (1.8.0)
    byebug (11.1.1)
    coderay (1.1.2)
    crack (0.4.3)
      safe_yaml (~> 1.0.0)
    diff-lcs (1.3)
    docile (1.3.2)
    dotenv (2.7.5)
    eezee (1.0.13)
      faraday (>= 0.17.0)
    faraday (1.0.0)
      multipart-post (>= 1.2, < 3)
    hashdiff (1.0.0)
    jaro_winkler (1.5.4)
    json_matchers (0.11.1)
      json_schema
    json_schema (0.20.8)
    method_source (0.9.2)
    multipart-post (2.1.1)
    parallel (1.19.1)
    parser (2.7.0.2)
      ast (~> 2.4.0)
    pry (0.12.2)
      coderay (~> 1.1.0)
      method_source (~> 0.9.0)
    pry-byebug (3.8.0)
      byebug (~> 11.0)
      pry (~> 0.10)
    public_suffix (4.0.3)
    rainbow (3.0.0)
    rake (13.0.1)
    rexml (3.2.4)
    rspec (3.9.0)
      rspec-core (~> 3.9.0)
      rspec-expectations (~> 3.9.0)
      rspec-mocks (~> 3.9.0)
    rspec-core (3.9.0)
      rspec-support (~> 3.9.0)
    rspec-expectations (3.9.0)
      diff-lcs (>= 1.2.0, < 2.0)
      rspec-support (~> 3.9.0)
    rspec-mocks (3.9.0)
      diff-lcs (>= 1.2.0, < 2.0)
      rspec-support (~> 3.9.0)
    rspec-support (3.9.0)
    rubocop (0.80.0)
      jaro_winkler (~> 1.5.1)
      parallel (~> 1.10)
      parser (>= 2.7.0.1)
      rainbow (>= 2.2.2, < 4.0)
      rexml
      ruby-progressbar (~> 1.7)
      unicode-display_width (>= 1.4.0, < 1.7)
    rubocop-performance (1.5.1)
      rubocop (>= 0.71.0)
    ruby-progressbar (1.10.1)
    safe_yaml (1.0.5)
    simplecov (0.18.5)
      docile (~> 1.1)
      simplecov-html (~> 0.11)
    simplecov-console (0.6.0)
      ansi
      simplecov
      terminal-table
    simplecov-html (0.12.1)
    terminal-table (1.8.0)
      unicode-display_width (~> 1.1, >= 1.1.1)
    unicode-display_width (1.6.1)
    vcr (5.1.0)
    webmock (3.8.2)
      addressable (>= 2.3.6)
      crack (>= 0.3.2)
      hashdiff (>= 0.4.0, < 2.0.0)

PLATFORMS
  ruby

DEPENDENCIES
  awesome_print (>= 1.8.0)
  bundler (~> 2.0)
  dotenv (~> 2.7.5)
  json_matchers (>= 0.11.1)
  mule!
  pry-byebug (>= 3.7.0)
  rake (~> 13.0)
  rspec (~> 3.0)
  rubocop (>= 0.74.0)
  rubocop-performance (>= 1.4.1)
  simplecov (>= 0.17.0)
  simplecov-console (>= 0.5.0)
  vcr (>= 5.0.0)
  webmock (>= 3.7.6)

BUNDLED WITH
   2.0.2
